GIT
  remote: https://github.com/wp99cp/responsive_images_for_jekyll
  revision: 55b7b4332d34e294c62d163b4df9b29961037006
  branch: cevi-logo-generator
  specs:
    responsive-images-for-jekyll (0.3.3)
      image_optim (~> 0.31.1)
      image_optim_pack (~> 0.8.0.20220131)
      jekyll (> 3.3, < 5.0)
      mini_magick (~> 4.8)
      rmagick (~> 4.2.4)
      victor (~> 0.3.3)

GEM
  remote: https://rubygems.org/
  specs:
    addressable (2.8.0)
      public_suffix (>= 2.0.2, < 5.0)
    colorator (1.1.0)
    concurrent-ruby (1.1.9)
    declarative (0.0.20)
    em-websocket (0.5.3)
      eventmachine (>= 0.12.9)
      http_parser.rb (~> 0)
    eventmachine (1.2.7)
    exifr (1.3.9)
    faraday (2.2.0)
      faraday-net_http (~> 2.0)
      ruby2_keywords (>= 0.0.4)
    faraday-net_http (2.0.1)
    ffi (1.15.5)
    forwardable-extended (2.6.0)
    fspath (3.1.2)
    google-apis-core (0.4.2)
      addressable (~> 2.5, >= 2.5.1)
      googleauth (>= 0.16.2, < 2.a)
      httpclient (>= 2.8.1, < 3.a)
      mini_mime (~> 1.0)
      representable (~> 3.0)
      retriable (>= 2.0, < 4.a)
      rexml
      webrick
    google-apis-drive_v3 (0.19.0)
      google-apis-core (>= 0.4, < 2.a)
    googleauth (1.1.2)
      faraday (>= 0.17.3, < 3.a)
      jwt (>= 1.4, < 3.0)
      memoist (~> 0.16)
      multi_json (~> 1.11)
      os (>= 0.9, < 2.0)
      signet (>= 0.16, < 2.a)
    http_parser.rb (0.8.0)
    httpclient (2.8.3)
    i18n (1.10.0)
      concurrent-ruby (~> 1.0)
    image_optim (0.31.1)
      exifr (~> 1.2, >= 1.2.2)
      fspath (~> 3.0)
      image_size (>= 1.5, < 4)
      in_threads (~> 1.3)
      progress (~> 3.0, >= 3.0.1)
    image_optim_pack (0.8.0.20220131)
      fspath (>= 2.1, < 4)
      image_optim (~> 0.19)
    image_optim_pack (0.8.0.20220131-x86_64-linux)
      fspath (>= 2.1, < 4)
      image_optim (~> 0.19)
    image_size (3.0.1)
    in_threads (1.6.0)
    jekyll (4.2.2)
      addressable (~> 2.4)
      colorator (~> 1.0)
      em-websocket (~> 0.5)
      i18n (~> 1.0)
      jekyll-sass-converter (~> 2.0)
      jekyll-watch (~> 2.0)
      kramdown (~> 2.3)
      kramdown-parser-gfm (~> 1.0)
      liquid (~> 4.0)
      mercenary (~> 0.4.0)
      pathutil (~> 0.9)
      rouge (~> 3.0)
      safe_yaml (~> 1.0)
      terminal-table (~> 2.0)
    jekyll-sass-converter (2.2.0)
      sassc (> 2.0.1, < 3.0)
    jekyll-watch (2.2.1)
      listen (~> 3.0)
    jwt (2.3.0)
    kramdown (2.3.1)
      rexml
    kramdown-parser-gfm (1.1.0)
      kramdown (~> 2.0)
    liquid (4.0.3)
    listen (3.7.1)
      rb-fsevent (~> 0.10, >= 0.10.3)
      rb-inotify (~> 0.9, >= 0.9.10)
    memoist (0.16.2)
    mercenary (0.4.0)
    mini_magick (4.11.0)
    mini_mime (1.1.2)
    multi_json (1.15.0)
    os (1.1.4)
    pathutil (0.16.2)
      forwardable-extended (~> 2.6)
    progress (3.6.0)
    public_suffix (4.0.6)
    rb-fsevent (0.11.1)
    rb-inotify (0.10.1)
      ffi (~> 1.0)
    representable (3.1.1)
      declarative (< 0.1.0)
      trailblazer-option (>= 0.1.1, < 0.2.0)
      uber (< 0.2.0)
    retriable (3.1.2)
    rexml (3.2.5)
    rmagick (4.2.4)
    rouge (3.28.0)
    ruby2_keywords (0.0.5)
    safe_yaml (1.0.5)
    sassc (2.4.0)
      ffi (~> 1.9)
    signet (0.16.1)
      addressable (~> 2.8)
      faraday (>= 0.17.5, < 3.0)
      jwt (>= 1.5, < 3.0)
      multi_json (~> 1.10)
    terminal-table (2.0.0)
      unicode-display_width (~> 1.1, >= 1.1.1)
    trailblazer-option (0.1.2)
    uber (0.1.0)
    unicode-display_width (1.8.0)
    victor (0.3.3)
    webrick (1.7.0)

PLATFORMS
  ruby
  x86_64-linux

DEPENDENCIES
  google-apis-drive_v3
  googleauth
  image_size (~> 3.0)
  jekyll (~> 4.2.1)
  responsive-images-for-jekyll (~> 0.3.3)!
  wdm (~> 0.1.1)
  webrick (~> 1.7)

BUNDLED WITH
   2.3.6
